GEM
  remote: https://rubygems.org/
  specs:
    activesupport (5.1.4)
      concurrent-ruby (~> 1.0, >= 1.0.2)
      i18n (~> 0.7)
      minitest (~> 5.1)
      tzinfo (~> 1.1)
    akami (1.3.1)
      gyoku (>= 0.4.0)
      nokogiri
    backports (3.9.1)
    blankslate (3.1.3)
    builder (3.2.3)
    concurrent-ruby (1.0.5)
    descendants_tracker (0.0.4)
      thread_safe (~> 0.3, >= 0.3.1)
    dotenv (2.2.1)
    eventmachine (1.2.5)
    gyoku (1.3.1)
      builder (>= 2.1.2)
    httpi (1.1.1)
      rack
    i18n (0.8.6)
    jimson (0.10.0)
      blankslate (~> 3.1.2)
      multi_json (~> 1.7.6)
      rack (~> 1.4.5)
      rest-client (~> 1.6.7)
    json (2.1.0)
    mime-types (1.25.1)
    mini_portile2 (2.3.0)
    minitest (5.10.3)
    multi_json (1.7.9)
    nokogiri (1.8.1)
      mini_portile2 (~> 2.3.0)
    nordea-filetransfer (0.2.1)
      activesupport (>= 3.0)
      savon (~> 1.0.0)
      signer (~> 1.1.1)
      virtus (~> 0.5.1)
    nori (1.1.5)
    oj (3.3.8)
    rack (1.4.7)
    rest-client (1.6.9)
      mime-types (~> 1.16)
    rjr (0.19.3)
      eventmachine
      json (>= 1.7.6)
    savon (1.0.0)
      akami (~> 1.1)
      builder (>= 2.1.2)
      gyoku (>= 0.4.0)
      httpi (~> 1.0)
      nokogiri (>= 1.4.0)
      nori (~> 1.1)
      wasabi (~> 2.2)
    signer (1.1.1)
      nokogiri (>= 1.5.1)
    thread_safe (0.3.6)
    tzinfo (1.2.3)
      thread_safe (~> 0.1)
    virtus (0.5.5)
      backports (~> 3.3)
      descendants_tracker (~> 0.0.1)
    wasabi (2.5.1)
      httpi (~> 1.0)
      nokogiri (>= 1.4.0)

PLATFORMS
  ruby

DEPENDENCIES
  activesupport (~> 5.1)
  dotenv (~> 2.2)
  jimson (~> 0.10.0)
  nordea-filetransfer (~> 0.2.1)
  oj (~> 3.3)
  rjr (~> 0.19.3)

RUBY VERSION
   ruby 2.4.1p111

BUNDLED WITH
   1.15.4